PATH
  remote: .
  specs:
    radiator (0.3.9)
      awesome_print (~> 1.7, >= 1.7.0)
      bitcoin-ruby (~> 0.0, >= 0.0.11)
      ffi (~> 1.9, >= 1.9.18)
      hashie (~> 3.5, >= 3.5.5)
      json (~> 2.0, >= 2.0.2)
      logging (~> 2.2, >= 2.2.0)
      net-http-persistent (~> 3.0, >= 2.5.2)

GEM
  remote: https://rubygems.org/
  specs:
    addressable (2.5.2)
      public_suffix (>= 2.0.2, < 4.0)
    awesome_print (1.8.0)
    bitcoin-ruby (0.0.12)
    connection_pool (2.2.1)
    crack (0.4.3)
      safe_yaml (~> 1.0.0)
    docile (1.1.5)
    ffi (1.9.18)
    hashdiff (0.3.7)
    hashie (3.5.6)
    json (2.1.0)
    little-plugger (1.1.4)
    logging (2.2.2)
      little-plugger (~> 1.1)
      multi_json (~> 1.10)
    minitest (5.10.3)
    minitest-line (0.6.4)
      minitest (~> 5.0)
    minitest-proveit (1.0.0)
      minitest (> 5, < 7)
    multi_json (1.12.2)
    net-http-persistent (3.0.0)
      connection_pool (~> 2.2)
    public_suffix (3.0.0)
    rake (12.2.1)
    safe_yaml (1.0.4)
    simplecov (0.15.1)
      docile (~> 1.1.0)
      json (>= 1.8, < 3)
      simplecov-html (~> 0.10.0)
    simplecov-html (0.10.2)
    vcr (3.0.3)
    webmock (3.1.0)
      addressable (>= 2.3.6)
      crack (>= 0.3.2)
      hashdiff
    yard (0.9.9)

PLATFORMS
  ruby

DEPENDENCIES
  bundler (~> 1.15, >= 1.15.4)
  minitest (~> 5.9, >= 5.9.0)
  minitest-line (~> 0.6.3)
  minitest-proveit (~> 1.0, >= 1.0.0)
  radiator!
  rake (~> 12.1, >= 12.1.0)
  simplecov (~> 0.15.1)
  vcr (~> 3.0, >= 3.0.3)
  webmock (~> 3.1, >= 3.1.0)
  yard (~> 0.9.9)

BUNDLED WITH
   1.16.0.pre.3
