PATH
  remote: .
  specs:
    radiator (0.0.5)
      hashie (>= 1.1)
      logging (~> 2.1.0)
      net-http-persistent (= 2.9.4)

GEM
  remote: https://rubygems.org/
  specs:
    addressable (2.4.0)
    awesome_print (1.7.0)
    codeclimate-test-reporter (0.5.2)
      simplecov (>= 0.7.1, < 1.0.0)
    coderay (1.1.1)
    crack (0.4.3)
      safe_yaml (~> 1.0.0)
    docile (1.1.5)
    ethon (0.9.0)
      ffi (>= 1.3.0)
    faraday (0.9.2)
      multipart-post (>= 1.2, < 3)
    ffi (1.9.14)
    hashdiff (0.3.0)
    hashie (3.4.5)
    json (1.8.3)
    little-plugger (1.1.4)
    logging (2.1.0)
      little-plugger (~> 1.1)
      multi_json (~> 1.10)
    method_source (0.8.2)
    minitest (5.9.0)
    minitest-line (0.6.3)
      minitest (~> 5.0)
    multi_json (1.12.1)
    multipart-post (2.0.0)
    net-http-persistent (2.9.4)
    pry (0.10.4)
      coderay (~> 1.1.0)
      method_source (~> 0.8.1)
      slop (~> 3.4)
    rake (11.2.2)
    safe_yaml (1.0.4)
    simplecov (0.11.2)
      docile (~> 1.1.0)
      json (~> 1.8)
      simplecov-html (~> 0.10.0)
    simplecov-html (0.10.0)
    slop (3.6.0)
    typhoeus (1.0.2)
      ethon (>= 0.9.0)
    vcr (2.9.3)
    webmock (2.1.0)
      addressable (>= 2.3.6)
      crack (>= 0.3.2)
      hashdiff
    yard (0.8.7.6)

PLATFORMS
  ruby

DEPENDENCIES
  awesome_print (~> 1.7.0)
  bundler (~> 1.11)
  codeclimate-test-reporter (~> 0.5.2)
  faraday (~> 0.9.2)
  minitest (~> 5.9.0)
  minitest-line (~> 0.6.3)
  pry (~> 0.10.3)
  radiator!
  rake (~> 11.2.2)
  simplecov (~> 0.11.2)
  typhoeus (~> 1.0.2)
  vcr (~> 2.9.2)
  webmock (~> 2.1.0)
  yard (~> 0.8.7.6)

BUNDLED WITH
   1.12.5
